GEM
  remote: https://rubygems.org/
  specs:
    actionmailer (4.1.4)
      actionpack (= 7.0.2.4)
      actionview (= 7.0.2.4)
      mail (~> 2.7.1)
    actionpack (7.0.2.4)
      actionview (= 7.0.2.4)
      activesupport (= 7.0.2.3)
      rack (~> 2.2.3)
      rack-test (~> 0.6.2)
    actionview (7.0.2.4)
      activesupport (= 7.0.2.3)
      builder (~> 3.1)
      erubis (~> 2.7.0)
    activemodel (7.0.2.3)
      activesupport (= 7.0.2.3)
      builder (~> 3.1)
    activerecord (4.1.14.1)
      activemodel (= 7.0.2.3)
      activesupport (= 7.0.2.3)
      arel (~> 5.0.0)
    activesupport (7.0.2.3)
      i18n (~> 0.6, >= 0.6.9)
      json (~> 1.7, >= 2.6.1)
      minitest (~> 5.1)
      thread_safe (~> 0.1)
      tzinfo (~> 1.1)
    arel (5.0.1.20140414130214)
    builder (3.2.2)
    callsite (0.0.11)
    capybara (2.4.1)
      mime-types (>= 1.16)
      nokogiri (>= 1.13.6)
      rack (>= 2.2.3)
      rack-test (>= 0.5.4)
      xpath (~> 2.0)
    capybara-webkit (1.3.0)
      capybara (>= 2.0.2, < 2.5.0)
      json
    childprocess (0.5.3)
      ffi (~> 1.0, >= 1.15.5)
    climate_control (0.0.3)
      activesupport (>= 7.0.2.3)
    cliver (0.3.2)
    cocaine (0.5.4)
      climate_control (>= 0.0.3, < 1.0)
    coffee-rails (4.0.1)
      coffee-script (>= 2.2.0)
      railties (>= 4.0.0, < 5.0)
    coffee-script (2.3.0)
      coffee-script-source
      execjs
    coffee-script-source (1.7.1)
    erubis (2.7.0)
    execjs (2.2.1)
    ffi (1.15.5)
    hike (1.2.3)
    i18n (0.6.11)
    jbuilder (2.1.2)
      activesupport (>= 3.0.0, < 7.0.2.3)
      multi_json (~> 1.2)
    jquery-rails (4.4.0)
      railties (>= 3.0, < 5.0)
      thor (>= 0.14, < 2.0)
    jquery-ui-rails (3.0.1)
      jquery-rails
      railties (>= 3.1.0)
    json (2.6.1)
    mail (2.7.1)
      mime-types (~> 1.16)
      treetop (~> 1.4.8)
    meta_request (0.3.4)
      callsite (~> 0.0, >= 0.0.11)
      rack-contrib (~> 1.1)
      railties (>= 3.0.0, < 5.0.0)
    mime-types (1.25.1)
    mini_portile (0.6.0)
    minitest (5.4.0)
    multi_json (1.10.1)
    nokogiri (1.13.6)
      mini_portile (= 0.6.0)
    paperclip (6.1.0)
      activemodel (>= 7.0.2.3)
      activesupport (>= 7.0.2.3)
      cocaine (~> 0.5.3)
      mime-types
    poltergeist (1.5.1)
      capybara (~> 2.1)
      cliver (~> 0.3.1)
      multi_json (~> 1.0)
      websocket-driver (>= 0.2.0)
    polyglot (0.3.5)
    rack (2.2.3)
    rack-contrib (1.1.0)
      rack (>= 2.2.3)
    rack-test (0.6.2)
      rack (>= 2.2.3)
    rails (4.1.4)
      actionmailer (= 4.1.4)
      actionpack (= 7.0.2.4)
      actionview (= 7.0.2.4)
      activemodel (= 7.0.2.3)
      activerecord (= 4.1.14.1)
      activesupport (= 7.0.2.3)
      bundler (>= 1.3.0, < 2.0)
      railties (= 4.1.4)
      sprockets-rails (~> 2.0)
    railties (4.1.4)
      actionpack (=7.0.2.4)
      activesupport (= 7.0.2.3)
      rake (>= 13.0.6)
      thor (>= 0.18.1, < 2.0)
    rake (13.0.6)
    rdoc (6.4.0)
      json (~> 2.6.1)
    rubyzip (2.3.2)
    sass (3.2.19)
    sass-rails (4.0.3)
      railties (>= 4.0.0, < 5.0)
      sass (~> 3.2.0)
      sprockets (~> 2.8, <= 4.0.3)
      sprockets-rails (~> 2.0)
    sdoc (0.4.0)
      json (~> 2.6.1)
      rdoc (~> 4.0, < 6.4.0)
    selenium-webdriver (2.42.0)
      childprocess (>= 0.5.0)
      multi_json (~> 1.0)
      rubyzip (~> 2.3.2)
      websocket (~> 1.0.4)
    spring (1.1.3)
    sprockets (4.0.3)
      hike (~> 1.2)
      multi_json (~> 1.0)
      rack (~> 2.2.3)
      tilt (~> 1.1, != 1.3.0)
    sprockets-rails (2.1.3)
      actionpack (>= 7.0.2.4)
      activesupport (>= 7.0.2.3)
      sprockets (~> 4.0.3)
    sqlite3 (1.3.9)
    thor (0.19.1)
    thread_safe (0.3.4)
    tilt (1.4.1)
    treetop (1.4.15)
      polyglot
      polyglot (>= 0.3.1)
    turbolinks (2.2.2)
      coffee-rails
    tzinfo (1.2.1)
      thread_safe (~> 0.1)
    uglifier (2.5.1)
      execjs (>= 0.3.0)
      json (>= 2.6.1)
    websocket (1.0.7)
    websocket-driver (0.3.4)
    xpath (2.0.0)
      nokogiri (~> 1.13.6)

PLATFORMS
  ruby

DEPENDENCIES
  capybara
  capybara-webkit
  jbuilder (~> 2.0)
  jquery-rails
  jquery-ui-rails
  meta_request
  paperclip
  poltergeist
  rails (= 4.1.4)
  sass-rails (~> 4.0.3)
  sdoc (~> 0.4.0)
  selenium-webdriver
  spring
  sqlite3
  turbolinks
  uglifier (>= 1.3.0)
